GEM
  remote: https://rubygems.org/
  specs:
    challenge (0.1.1)

PLATFORMS
  ruby

DEPENDENCIES
  challenge (= 0.1.1)

BUNDLED WITH
   2.0.2
